PATH
  remote: .
  specs:
    aarrr (0.0.1)
      activesupport (>= 3.0)
      mongo (>= 1.3.1)
      rack (>= 1.2.2)

GEM
  remote: http://rubygems.org/
  specs:
    activesupport (3.0.0)
    archive-tar-minitar (0.5.2)
    bson (1.3.1)
    bson_ext (1.3.1)
    columnize (0.3.2)
    diff-lcs (1.1.2)
    growl (1.0.3)
    guard (0.3.4)
      thor (~> 0.14.6)
    guard-rspec (0.3.1)
      guard (>= 0.2.2)
    linecache (0.43)
    linecache19 (0.5.12)
      ruby_core_source (>= 0.1.4)
    mongo (1.3.1)
      bson (>= 1.3.1)
    rack (2.0.8)
    rack-test (0.5.7)
      rack (>= 1.0)
    rake (0.8.7)
    rb-fsevent (0.4.0)
    rspec (2.6.0)
      rspec-core (~> 2.6.0)
      rspec-expectations (~> 2.6.0)
      rspec-mocks (~> 2.6.0)
    rspec-core (2.6.3)
    rspec-expectations (2.6.0)
      diff-lcs (~> 1.1.2)
    rspec-mocks (2.6.0)
    ruby-debug (0.10.4)
      columnize (>= 0.1)
      ruby-debug-base (~> 0.10.4.0)
    ruby-debug-base (0.10.4)
      linecache (>= 0.3)
    ruby-debug-base19 (0.11.25)
      columnize (>= 0.3.1)
      linecache19 (>= 0.5.11)
      ruby_core_source (>= 0.1.4)
    ruby-debug19 (0.11.6)
      columnize (>= 0.3.1)
      linecache19 (>= 0.5.11)
      ruby-debug-base19 (>= 0.11.19)
    ruby_core_source (0.1.5)
      archive-tar-minitar (>= 0.5.2)
    thor (0.14.6)

PLATFORMS
  ruby

DEPENDENCIES
  aarrr!
  bson_ext
  growl
  guard
  guard-rspec
  rack-test
  rake (= 0.8.7)
  rb-fsevent
  rspec (>= 2.0)
  ruby-debug
  ruby-debug19
